GEM
  remote: https://rubygems.org/
  specs:
    pandoc-ruby (2.1.6)

PLATFORMS
  arm64-darwin-21
  x86_64-darwin-22

DEPENDENCIES
  pandoc-ruby

BUNDLED WITH
   2.3.7
