GEM
  remote: https://rubygems.org/
  specs:
    pandoc-ruby (2.1.6)
    rexml (3.2.6)
    rss (0.3.0)
      rexml

PLATFORMS
  arm64-darwin-21
  x86_64-darwin-22

DEPENDENCIES
  pandoc-ruby
  rss

BUNDLED WITH
   2.3.7
